PATH
  remote: .
  specs:
    easy_monitor (1.0)
      influxdb
      rails (~> 6.0.0)
      redis
      rotp
      sidekiq

GEM
  remote: https://rubygems.org/
  specs:
    actioncable (6.0.3.7)
      actionpack (= 6.0.3.7)
      nio4r (~> 2.0)
      websocket-driver (>= 0.6.1)
    actionmailbox (6.0.3.7)
      actionpack (= 6.0.3.7)
      activejob (= 6.0.3.7)
      activerecord (= 6.0.3.7)
      activestorage (= 6.0.3.7)
      activesupport (= 6.0.3.7)
      mail (>= 2.7.1)
    actionmailer (6.0.3.7)
      actionpack (= 6.0.3.7)
      actionview (= 6.0.3.7)
      activejob (= 6.0.3.7)
      mail (~> 2.5, >= 2.5.4)
      rails-dom-testing (~> 2.0)
    actionpack (6.0.3.7)
      actionview (= 6.0.3.7)
      activesupport (= 6.0.3.7)
      rack (~> 2.0, >= 2.0.8)
      rack-test (>= 0.6.3)
      rails-dom-testing (~> 2.0)
      rails-html-sanitizer (~> 1.0, >= 1.2.0)
    actiontext (6.0.3.7)
      actionpack (= 6.0.3.7)
      activerecord (= 6.0.3.7)
      activestorage (= 6.0.3.7)
      activesupport (= 6.0.3.7)
      nokogiri (>= 1.8.5)
    actionview (6.0.3.7)
      activesupport (= 6.0.3.7)
      builder (~> 3.1)
      erubi (~> 1.4)
      rails-dom-testing (~> 2.0)
      rails-html-sanitizer (~> 1.1, >= 1.2.0)
    activejob (6.0.3.7)
      activesupport (= 6.0.3.7)
      globalid (>= 0.3.6)
    activemodel (6.0.3.7)
      activesupport (= 6.0.3.7)
    activerecord (6.0.3.7)
      activemodel (= 6.0.3.7)
      activesupport (= 6.0.3.7)
    activestorage (6.0.3.7)
      actionpack (= 6.0.3.7)
      activejob (= 6.0.3.7)
      activerecord (= 6.0.3.7)
      marcel (~> 1.0.0)
    activesupport (6.0.3.7)
      concurrent-ruby (~> 1.0, >= 1.0.2)
      i18n (>= 0.7, < 2)
      minitest (~> 5.1)
      tzinfo (~> 1.1)
      zeitwerk (~> 2.2, >= 2.2.2)
    addressable (2.8.0)
      public_suffix (>= 2.0.2, < 5.0)
    ast (2.4.1)
    builder (3.2.4)
    byebug (11.1.3)
    coderay (1.1.3)
    concurrent-ruby (1.1.8)
    connection_pool (2.2.3)
    crack (0.4.3)
      safe_yaml (~> 1.0.0)
    crass (1.0.6)
    diff-lcs (1.4.4)
    docile (1.3.2)
    erubi (1.10.0)
    factory_bot (6.1.0)
      activesupport (>= 5.0.0)
    factory_bot_rails (6.1.0)
      factory_bot (~> 6.1.0)
      railties (>= 5.0.0)
    globalid (0.4.2)
      activesupport (>= 4.2.0)
    hashdiff (1.0.1)
    i18n (1.8.10)
      concurrent-ruby (~> 1.0)
    influxdb (0.8.0)
    loofah (2.9.1)
      crass (~> 1.0.2)
      nokogiri (>= 1.5.9)
    mail (2.7.1)
      mini_mime (>= 0.1.1)
    marcel (1.0.1)
    method_source (1.0.0)
    mini_mime (1.1.0)
    mini_portile2 (2.5.1)
    minitest (5.14.4)
    mock_redis (0.26.0)
    nio4r (2.5.7)
    nokogiri (1.11.5)
      mini_portile2 (~> 2.5.0)
      racc (~> 1.4)
    parallel (1.19.2)
    parser (2.7.1.4)
      ast (~> 2.4.1)
    pry (0.13.1)
      coderay (~> 1.1)
      method_source (~> 1.0)
    pry-byebug (3.9.0)
      byebug (~> 11.0)
      pry (~> 0.13.0)
    pry-rails (0.3.9)
      pry (>= 0.10.4)
    public_suffix (4.0.6)
    racc (1.5.2)
    rack (2.2.3)
    rack-test (1.1.0)
      rack (>= 1.0, < 3)
    rails (6.0.3.7)
      actioncable (= 6.0.3.7)
      actionmailbox (= 6.0.3.7)
      actionmailer (= 6.0.3.7)
      actionpack (= 6.0.3.7)
      actiontext (= 6.0.3.7)
      actionview (= 6.0.3.7)
      activejob (= 6.0.3.7)
      activemodel (= 6.0.3.7)
      activerecord (= 6.0.3.7)
      activestorage (= 6.0.3.7)
      activesupport (= 6.0.3.7)
      bundler (>= 1.3.0)
      railties (= 6.0.3.7)
      sprockets-rails (>= 2.0.0)
    rails-dom-testing (2.0.3)
      activesupport (>= 4.2.0)
      nokogiri (>= 1.6)
    rails-html-sanitizer (1.3.0)
      loofah (~> 2.3)
    railties (6.0.3.7)
      actionpack (= 6.0.3.7)
      activesupport (= 6.0.3.7)
      method_source
      rake (>= 0.8.7)
      thor (>= 0.20.3, < 2.0)
    rainbow (3.0.0)
    rake (13.0.3)
    redis (4.2.1)
    regexp_parser (1.7.1)
    rexml (3.2.5)
    rotp (6.1.0)
    rspec-core (3.9.2)
      rspec-support (~> 3.9.3)
    rspec-expectations (3.9.2)
      diff-lcs (>= 1.2.0, < 2.0)
      rspec-support (~> 3.9.0)
    rspec-mocks (3.9.1)
      diff-lcs (>= 1.2.0, < 2.0)
      rspec-support (~> 3.9.0)
    rspec-rails (4.0.1)
      actionpack (>= 4.2)
      activesupport (>= 4.2)
      railties (>= 4.2)
      rspec-core (~> 3.9)
      rspec-expectations (~> 3.9)
      rspec-mocks (~> 3.9)
      rspec-support (~> 3.9)
    rspec-support (3.9.3)
    rubocop (0.89.1)
      parallel (~> 1.10)
      parser (>= 2.7.1.1)
      rainbow (>= 2.2.2, < 4.0)
      regexp_parser (>= 1.7)
      rexml
      rubocop-ast (>= 0.3.0, < 1.0)
      ruby-progressbar (~> 1.7)
      unicode-display_width (>= 1.4.0, < 2.0)
    rubocop-ast (0.3.0)
      parser (>= 2.7.1.4)
    rubocop-performance (1.7.1)
      rubocop (>= 0.82.0)
    ruby-progressbar (1.10.1)
    safe_yaml (1.0.5)
    sidekiq (6.1.1)
      connection_pool (>= 2.2.2)
      rack (~> 2.0)
      redis (>= 4.2.0)
    simplecov (0.19.0)
      docile (~> 1.1)
      simplecov-html (~> 0.11)
    simplecov-html (0.12.2)
    sprockets (4.0.2)
      concurrent-ruby (~> 1.0)
      rack (> 1, < 3)
    sprockets-rails (3.2.2)
      actionpack (>= 4.0)
      activesupport (>= 4.0)
      sprockets (>= 3.0.0)
    sqlite3 (1.4.2)
    thor (1.1.0)
    thread_safe (0.3.6)
    tzinfo (1.2.9)
      thread_safe (~> 0.1)
    unicode-display_width (1.7.0)
    webmock (3.8.3)
      addressable (>= 2.3.6)
      crack (>= 0.3.2)
      hashdiff (>= 0.4.0, < 2.0.0)
    websocket-driver (0.7.3)
      websocket-extensions (>= 0.1.0)
    websocket-extensions (0.1.5)
    zeitwerk (2.4.2)

PLATFORMS
  ruby

DEPENDENCIES
  easy_monitor!
  factory_bot_rails
  mock_redis
  pry-byebug
  pry-rails
  rspec-rails
  rubocop
  rubocop-performance
  simplecov
  sqlite3
  webmock

BUNDLED WITH
   1.17.3
